RESTRICTION: == net472
NUGET
  remote: https://api.nuget.org/v3/index.json
    FSharp.Core (4.7)
    Microsoft.Net.Compilers.Toolset (3.3.1)
    POSForDotNet.SDK (1.14.1)
    SixLabors.Core (1.0.0-beta0008)
      System.Buffers (>= 4.4)
      System.Memory (>= 4.5.1)
      System.Numerics.Vectors (>= 4.5)
      System.Runtime.CompilerServices.Unsafe (>= 4.5.1)
    SixLabors.ImageSharp (1.0.0-beta0007)
      Microsoft.Net.Compilers.Toolset (>= 3.1)
      SixLabors.Core (>= 1.0.0-beta0008)
      System.Runtime.CompilerServices.Unsafe (>= 4.5.1)
    System.Buffers (4.5)
    System.Memory (4.5.3)
      System.Buffers (>= 4.4)
      System.Numerics.Vectors (>= 4.4)
      System.Runtime.CompilerServices.Unsafe (>= 4.5.2)
    System.Numerics.Vectors (4.5)
    System.Runtime.CompilerServices.Unsafe (4.6)
