RESTRICTION: == net472
NUGET
  remote: https://api.nuget.org/v3/index.json
    FSharp.Core (4.7)
    POSForDotNet.SDK (1.14.1)
